GEM
  remote: http://rubygems.org/
  specs:
    cmdparse (2.0.3)
    coffee-script (2.2.0)
      coffee-script-source
      execjs
    coffee-script-source (1.2.0)
    execjs (1.3.0)
      multi_json (~> 1.0)
    ffi (1.0.11)
    git (1.2.5)
    growl (1.0.3)
    guard (1.0.0)
      ffi (>= 0.5.0)
      thor (~> 0.14.6)
    guard-jasmine-headless-webkit (0.3.2)
      guard (>= 0.4.0)
      jasmine-headless-webkit (>= 0.7.0)
    hike (1.2.1)
    jasmine-core (1.1.0)
    jasmine-headless-webkit (0.8.4)
      coffee-script
      jasmine-core (~> 1.1)
      multi_json
      rainbow
      sprockets (~> 2)
    js_rake_tasks (0.0.3)
      git (~> 1.2.5)
      json_pure (~> 1.6.1)
      semver (~> 1.0.1)
    json_pure (1.6.5)
    juicer (1.0.13)
      cmdparse
      nokogiri (>= 1.5.0)
      rubyzip
    multi_json (1.1.0)
    nokogiri (1.5.0)
    rack (1.4.1)
    rainbow (1.1.3)
    rake (0.9.2.2)
    rb-fsevent (0.9.0)
    rubyzip (0.9.6.1)
    semver (1.0.1)
    sprockets (2.3.1)
      hike (~> 1.2)
      multi_json (~> 1.0)
      rack (~> 1.0)
      tilt (!= 1.3.0, ~> 1.1)
    thor (0.14.6)
    tilt (1.3.3)

PLATFORMS
  ruby

DEPENDENCIES
  growl
  guard-jasmine-headless-webkit
  jasmine-headless-webkit
  js_rake_tasks
  juicer
  rake
  rb-fsevent
